PATH
  remote: .
  specs:
    mongoid-ancestry (0.2.3)
      bson_ext (>= 1.3)
      mongoid (>= 2.0)

GEM
  remote: http://rubygems.org/
  specs:
    activemodel (3.2.22.5)
      activesupport (= 3.2.22.5)
      builder (~> 3.0.0)
    activesupport (3.2.22.5)
      i18n (~> 0.6, >= 0.6.4)
      multi_json (~> 1.0)
    bson (1.6.4)
    bson_ext (1.6.4)
      bson (~> 1.6.4)
    builder (3.0.4)
    concurrent-ruby (1.1.10)
    diff-lcs (1.1.2)
    i18n (0.9.5)
      concurrent-ruby (~> 1.0)
    mongoid (3.1.7)
      activemodel (~> 3.2)
      moped (~> 1.4)
      origin (~> 1.0)
      tzinfo (~> 0.3.29)
    moped (1.5.3)
    multi_json (1.15.0)
    origin (1.1.0)
    rake (0.9.2.2)
    rspec (2.5.0)
      rspec-core (~> 2.5.0)
      rspec-expectations (~> 2.5.0)
      rspec-mocks (~> 2.5.0)
    rspec-core (2.5.1)
    rspec-expectations (2.5.0)
      diff-lcs (~> 1.1.2)
    rspec-mocks (2.5.0)
    tzinfo (0.3.61)

PLATFORMS
  ruby

DEPENDENCIES
  mongoid-ancestry!
  rake
  rspec (~> 2.5)
